GEM
  remote: https://rubygems.org/
  specs:
    activemodel (7.0.4)
      activesupport (= 7.0.4)
    activesupport (7.0.4)
      concurrent-ruby (~> 1.0, >= 1.0.2)
      i18n (>= 1.6, < 2)
      minitest (>= 5.1)
      tzinfo (~> 2.0)
    classy_hash (1.0.0)
    concurrent-ruby (1.1.10)
    dry-container (0.11.0)
      concurrent-ruby (~> 1.0)
    dry-core (0.8.1)
      concurrent-ruby (~> 1.0)
    dry-inflector (0.3.0)
    dry-logic (1.2.0)
      concurrent-ruby (~> 1.0)
      dry-core (~> 0.5, >= 0.5)
    dry-struct (1.4.0)
      dry-core (~> 0.5, >= 0.5)
      dry-types (~> 1.5)
      ice_nine (~> 0.11)
    dry-types (1.5.1)
      concurrent-ruby (~> 1.0)
      dry-container (~> 0.3)
      dry-core (~> 0.5, >= 0.5)
      dry-inflector (~> 0.1, >= 0.1.2)
      dry-logic (~> 1.0, >= 1.0.2)
    i18n (1.12.0)
      concurrent-ruby (~> 1.0)
    ice_nine (0.11.2)
    minitest (5.16.3)
    ruby_event_store (2.5.1)
      concurrent-ruby (~> 1.0, >= 1.1.6)
    ruby_event_store-profiler (0.1.0)
      ruby_event_store (>= 1.0.0, < 3.0.0)
    ruby_event_store-protobuf (1.0.0)
      ruby_event_store (>= 2.0.0, < 3.0.0)
    tzinfo (2.0.5)
      concurrent-ruby (~> 1.0)

PLATFORMS
  arm64-darwin-21

DEPENDENCIES
  activemodel
  activesupport
  classy_hash
  dry-struct
  ruby_event_store
  ruby_event_store-profiler
  ruby_event_store-protobuf

BUNDLED WITH
   2.3.14
